GEM
  remote: https://rubygems.org/
  specs:
    i18n (0.6.11)
    money (6.1.1)
      i18n (~> 0.6.4)

PLATFORMS
  ruby

DEPENDENCIES
  money
